GEM
  remote: https://rubygems.org/
  specs:
    addressable (2.4.0)
    capybara (2.7.0)
      addressable
      mime-types (>= 1.16)
      nokogiri (>= 1.3.3)
      rack (>= 1.0.0)
      rack-test (>= 0.5.4)
      xpath (~> 2.0)
    diff-lcs (1.2.5)
    dotenv (2.1.1)
    faraday (0.9.2)
      multipart-post (>= 1.2, < 3)
    hanami (0.7.2)
      bundler (~> 1.6)
      dotenv (~> 2.0)
      hanami-assets (~> 0.2)
      hanami-controller (~> 0.6)
      hanami-helpers (~> 0.3)
      hanami-mailer (~> 0.2)
      hanami-router (~> 0.6)
      hanami-utils (~> 0.7)
      hanami-view (~> 0.6)
      shotgun (~> 0.9)
      thor (~> 0.19)
    hanami-assets (0.2.1)
      hanami-helpers (~> 0.3)
      hanami-utils (~> 0.7)
      tilt (~> 2.0, >= 2.0.2)
    hanami-controller (0.6.1)
      hanami-utils (~> 0.7)
      hanami-validations (~> 0.5)
      rack (~> 1.6, >= 1.6.2)
    hanami-helpers (0.3.0)
      hanami-utils (~> 0.7)
    hanami-mailer (0.2.0)
      hanami-utils (~> 0.7)
      mail (~> 2.5)
      tilt (~> 2.0, >= 2.0.1)
    hanami-model (0.6.1)
      hanami-utils (~> 0.7)
      sequel (~> 4.9)
    hanami-router (0.6.2)
      hanami-utils (~> 0.7)
      http_router (~> 0.11)
    hanami-utils (0.7.1)
    hanami-validations (0.5.0)
      hanami-utils (~> 0.7)
    hanami-view (0.6.1)
      hanami-utils (~> 0.7)
      tilt (~> 2.0, >= 2.0.1)
    hashie (3.4.3)
    http_router (0.11.2)
      rack (>= 1.0.0)
      url_mount (~> 0.2.1)
    jwt (1.5.1)
    mail (2.6.4)
      mime-types (>= 1.16, < 4)
    mime-types (3.0)
      mime-types-data (~> 3.2015)
    mime-types-data (3.2016.0221)
    mini_portile2 (2.0.0)
    multi_json (1.11.2)
    multi_xml (0.5.5)
    multipart-post (2.0.0)
    nokogiri (1.6.7.2)
      mini_portile2 (~> 2.0.0.rc2)
    oauth2 (1.1.0)
      faraday (>= 0.8, < 0.10)
      jwt (~> 1.0, < 1.5.2)
      multi_json (~> 1.3)
      multi_xml (~> 0.5)
      rack (>= 1.2, < 3)
    omniauth (1.3.1)
      hashie (>= 1.2, < 4)
      rack (>= 1.0, < 3)
    omniauth-github (1.1.2)
      omniauth (~> 1.0)
      omniauth-oauth2 (~> 1.1)
    omniauth-oauth2 (1.4.0)
      oauth2 (~> 1.0)
      omniauth (~> 1.2)
    rack (1.6.4)
    rack-test (0.6.3)
      rack (>= 1.0)
    rake (11.1.2)
    rspec (3.4.0)
      rspec-core (~> 3.4.0)
      rspec-expectations (~> 3.4.0)
      rspec-mocks (~> 3.4.0)
    rspec-core (3.4.4)
      rspec-support (~> 3.4.0)
    rspec-expectations (3.4.0)
      diff-lcs (>= 1.2.0, < 2.0)
      rspec-support (~> 3.4.0)
    rspec-mocks (3.4.1)
      diff-lcs (>= 1.2.0, < 2.0)
      rspec-support (~> 3.4.0)
    rspec-support (3.4.1)
    sequel (4.33.0)
    shotgun (0.9.1)
      rack (>= 1.0)
    thor (0.19.1)
    tilt (2.0.2)
    url_mount (0.2.1)
      rack
    warden (1.2.6)
      rack (>= 1.0)
    xpath (2.0.0)
      nokogiri (~> 1.3)

PLATFORMS
  ruby

DEPENDENCIES
  bundler
  capybara
  hanami (= 0.7.2)
  hanami-model (~> 0.5)
  omniauth-github
  rake
  rspec
  warden

BUNDLED WITH
   1.11.2
